GIT
  remote: git://github.com/matt-hh/middleman.git
  revision: 5a467d4258c1371e03ce2d1ae462b5801a25bb61
  specs:
    middleman (2.0.0.beta4)
      coffee-filter (~> 0.1.0)
      coffee-script (~> 2.2.0)
      compass (= 0.11.2)
      compass-susy-plugin (~> 0.9.0)
      haml (~> 3.1.0)
      httparty (~> 0.7.0)
      padrino-core (~> 0.9.23)
      padrino-helpers (~> 0.9.23)
      rack (~> 1.1)
      rack-test (~> 0.5.0)
      rdiscount (~> 1.6.8)
      sass (~> 3.1.0)
      sinatra (~> 1.2.0)
      slim (~> 0.9.4)
      thor (~> 0.14.0)
      tilt (~> 1.3.1)
      uglifier (~> 0.5.0)

GEM
  remote: http://rubygems.org/
  specs:
    activesupport (3.0.9)
    chunky_png (1.2.0)
    coffee-filter (0.1.1)
      coffee-script (>= 2.2.0)
      haml (>= 3.0.18)
    coffee-script (2.2.0)
      coffee-script-source
      execjs
    coffee-script-source (1.1.1)
    compass (0.11.2)
      chunky_png (~> 1.1)
      fssm (>= 0.2.7)
      sass (~> 3.1)
    compass-susy-plugin (0.9)
      compass (>= 0.11.1)
    crack (0.1.8)
    execjs (1.2.0)
      multi_json (~> 1.0)
    fssm (0.2.7)
    haml (3.1.2)
    http_router (0.7.10)
      rack (>= 1.0.0)
      url_mount (~> 0.2.1)
    httparty (0.7.8)
      crack (= 0.1.8)
    i18n (0.6.0)
    multi_json (1.0.3)
    padrino-core (0.9.29)
      activesupport (>= 3.0.0)
      http_router (~> 0.7.8)
      sinatra (~> 1.2.6)
      thor (>= 0.14.3)
      tilt (~> 1.3.0)
    padrino-helpers (0.9.29)
      i18n (>= 0.4.1)
      padrino-core (= 0.9.29)
    rack (1.3.0)
    rack-test (0.5.7)
      rack (>= 1.0)
    rdiscount (1.6.8)
    sass (3.1.3)
    sinatra (1.2.6)
      rack (~> 1.1)
      tilt (< 2.0, >= 1.2.2)
    slim (0.9.4)
      temple (~> 0.3.0)
      tilt (~> 1.2)
    temple (0.3.2)
    thor (0.14.6)
    tilt (1.3.2)
    uglifier (0.5.4)
      execjs (>= 0.3.0)
      multi_json (>= 1.0.2)
    url_mount (0.2.1)
      rack

PLATFORMS
  ruby

DEPENDENCIES
  middleman!
